GEM
  remote: https://rubygems.org/
  specs:
    archive-tar-minitar (0.5.2)
    docker-api (1.13.2)
      archive-tar-minitar
      excon (>= 0.38.0)
      json
    eventmachine (1.0.3)
    excon (0.39.5)
    json (1.8.1)

PLATFORMS
  ruby

DEPENDENCIES
  docker-api
  eventmachine
