GEM
  remote: https://rubygems.org/
  specs:
    archive-tar-minitar (0.5.2)
    docker-api (1.13.2)
      archive-tar-minitar
      excon (>= 0.38.0)
      json
    excon (0.39.5)
    httparty (0.13.1)
      json (~> 1.8)
      multi_xml (>= 0.5.2)
    json (1.8.1)
    multi_xml (0.5.5)
    thread_safe (0.3.4)

PLATFORMS
  ruby

DEPENDENCIES
  docker-api
  httparty
  thread_safe
